GEM
  remote: https://rubygems.org/
  specs:
    capistrano (3.0.1)
      i18n
      rake (>= 10.0.0)
      sshkit (>= 0.0.23)
    i18n (0.8.1)
    net-scp (1.2.1)
      net-ssh (>= 2.6.5)
    net-ssh (4.1.0)
    rake (12.0.0)
    sshkit (1.12.0)
      net-scp (>= 1.1.2)
      net-ssh (>= 2.8.0)
    wordpress-capistrano (0.5.0)
      capistrano (~> 3.0)

PLATFORMS
  ruby

DEPENDENCIES
  capistrano (~> 3.0.0)
  wordpress-capistrano

BUNDLED WITH
   1.11.2
